GEM
  remote: http://rubygems.org/
  specs:
    god (0.11.0)
    hoe (2.6.1)
      rake (>= 0.8.7)
      rubyforge (>= 2.0.4)
    json (1.4.6)
    json_pure (1.4.6)
    mocha (0.9.8)
      rake
    rack (1.2.1)
    rack-test (0.5.4)
      rack (>= 1.0)
    rake (0.8.7)
    rdiscount (1.6.5)
    rdoc (2.4.3)
    rspec (1.3.0)
    rubyforge (2.0.4)
      json_pure (>= 1.1.7)
    sdoc (0.2.20)
      json (>= 1.1.3)
      rdoc (= 2.4.3)
    sdoc-helpers (0.1.4)
      sdoc (~> 0.2)
    sinatra (1.0)
      rack (>= 1.0)
    test-unit (1.2.3)
      hoe (>= 1.5.1)

PLATFORMS
  ruby

DEPENDENCIES
  god
  json
  mocha
  rack-test
  rdiscount
  rspec
  sdoc
  sdoc-helpers
  sinatra
  test-unit (= 1.2.3)
