GEM
  remote: http://rubygems.org/
  specs:
    colorize (0.5.8)
    coveralls (0.6.7)
      colorize
      multi_json (~> 1.3)
      rest-client
      simplecov (>= 0.7)
      thor
    diff-lcs (1.2.4)
    god (0.13.2)
    json (1.8.0)
    metaclass (0.0.1)
    mime-types (1.23)
    mocha (0.14.0)
      metaclass (~> 0.0.1)
    multi_json (1.7.9)
    rack (1.5.2)
    rack-protection (1.5.0)
      rack
    rack-test (0.6.2)
      rack (>= 1.0)
    rake (10.1.0)
    rdiscount (2.1.6)
    rest-client (1.6.7)
      mime-types (>= 1.16)
    rspec (2.14.1)
      rspec-core (~> 2.14.0)
      rspec-expectations (~> 2.14.0)
      rspec-mocks (~> 2.14.0)
    rspec-core (2.14.5)
    rspec-expectations (2.14.1)
      diff-lcs (>= 1.1.3, < 2.0)
    rspec-mocks (2.14.3)
    simplecov (0.7.1)
      multi_json (~> 1.0)
      simplecov-html (~> 0.7.1)
    simplecov-html (0.7.1)
    sinatra (1.4.3)
      rack (~> 1.4)
      rack-protection (~> 1.4)
      tilt (~> 1.3, >= 1.3.4)
    thor (0.18.1)
    tilt (1.4.1)

PLATFORMS
  ruby

DEPENDENCIES
  coveralls
  god
  json
  mocha
  rack-test
  rake (~> 10.1)
  rdiscount
  rspec (>= 2.7.0)
  sinatra (~> 1.4)
